GEM
  remote: http://rubygems.org/
  specs:
    activemodel (3.0.9)
      activesupport (= 3.0.9)
      builder (~> 2.1.2)
      i18n (~> 0.5.0)
    activerecord (3.0.9)
      activemodel (= 3.0.9)
      activesupport (= 3.0.9)
      arel (~> 2.0.10)
      tzinfo (~> 0.3.23)
    activesupport (3.0.9)
    addressable (2.2.8)
    arel (2.0.10)
    base58 (0.1.0)
    builder (2.1.2)
    excon (0.14.0)
    heroku (2.27.3)
      heroku-api (~> 0.2.5)
      launchy (>= 0.3.2)
      netrc (~> 0.7.4)
      rest-client (~> 1.6.1)
      rubyzip
    heroku-api (0.2.5)
      excon (~> 0.14.0)
    i18n (0.5.0)
    launchy (2.1.0)
      addressable (~> 2.2.6)
    mime-types (1.18)
    netrc (0.7.4)
    pg (0.13.2)
    rack (1.4.1)
    rack-protection (1.2.0)
      rack
    rest-client (1.6.7)
      mime-types (>= 1.16)
    rubyzip (0.9.9)
    sinatra (1.3.2)
      rack (~> 1.3, >= 1.3.6)
      rack-protection (~> 1.2)
      tilt (~> 1.3, >= 1.3.3)
    sinatra-activerecord (1.1.0)
      activerecord (~> 3.0)
      sinatra (~> 1.0)
    tilt (1.3.3)
    tzinfo (0.3.33)

PLATFORMS
  ruby

DEPENDENCIES
  activerecord (<= 3.0.9)
  base58
  heroku
  pg
  rack
  sinatra
  sinatra-activerecord
